GEM
  remote: https://rubygems.org/
  specs:
    abbrev (0.1.2)
    bigdecimal (3.2.2)
    cairo (1.18.4)
      native-package-installer (>= 1.0.3)
      pkg-config (>= 1.2.2)
      red-colors
    cairo-gobject (4.3.0)
      cairo (>= 1.16.2)
      glib2 (= 4.3.0)
    classy_hash (1.0.0)
    csv (3.3.5)
    fiddle (1.1.8)
    game_icons (0.46.0.20221129)
    gdk_pixbuf2 (4.3.0)
      gio2 (= 4.3.0)
    gio2 (4.3.0)
      fiddle
      gobject-introspection (= 4.3.0)
    glib2 (4.3.0)
      native-package-installer (>= 1.0.3)
      pkg-config (>= 1.3.5)
    gobject-introspection (4.3.0)
      glib2 (= 4.3.0)
    highline (2.1.0)
    json (2.13.0)
    logger (1.7.0)
    matrix (0.4.3)
    mercenary (0.4.0)
    mini_magick (5.3.0)
      logger
    mini_portile2 (2.8.9)
    native-package-installer (1.1.9)
    nokogiri (1.18.9)
      mini_portile2 (~> 2.8.2)
      racc (~> 1.4)
    pango (4.3.0)
      cairo-gobject (= 4.3.0)
      gobject-introspection (= 4.3.0)
    pkg-config (1.6.2)
    racc (1.8.1)
    rainbow (3.1.1)
    red-colors (0.4.0)
      json
      matrix
    roo (2.10.1)
      nokogiri (~> 1)
      rubyzip (>= 1.3.0, < 3.0.0)
    rsvg2 (4.3.0)
      cairo-gobject (= 4.3.0)
      gdk_pixbuf2 (= 4.3.0)
    ruby-progressbar (1.13.0)
    rubyzip (2.4.1)
    squib (0.19.0)
      cairo (~> 1.17, >= 1.17.8)
      classy_hash (= 1.0.0)
      gio2 (~> 4.1, >= 4.1.2)
      gobject-introspection (~> 4.1, >= 4.1.2)
      highline (= 2.1.0)
      mercenary (= 0.4.0)
      nokogiri (~> 1.14, >= 1.14.2)
      pango (~> 4.1, >= 4.1.2)
      rainbow (~> 3.1)
      roo (~> 2.9)
      rsvg2 (~> 4.1, >= 4.1.2)
      ruby-progressbar (~> 1.11)

PLATFORMS
  ruby

DEPENDENCIES
  abbrev
  bigdecimal
  csv
  game_icons
  mini_magick
  squib

BUNDLED WITH
   2.6.6
